GEM
  remote: https://rubygems.org/
  specs:
    ast (2.3.0)
    concurrent-ruby (1.1.8)
    deep_merge (1.2.1)
    diff-lcs (1.3)
    facter (2.4.6)
    faraday (0.17.4)
      multipart-post (>= 1.2, < 3)
    faraday_middleware (0.14.0)
      faraday (>= 0.7.4, < 1.0)
    fast_gettext (1.1.2)
    gettext (3.2.9)
      locale (>= 2.0.5)
      text (>= 1.3.0)
    gettext-setup (0.34)
      fast_gettext (~> 1.1.0)
      gettext (>= 3.0.2, < 3.3.0)
      locale
    hiera (3.7.0)
    hocon (1.3.1)
    httpclient (2.8.3)
    librarian-puppet (2.2.3)
      librarianp (>= 0.6.3)
      puppet_forge (~> 2.1)
      rsync
    librarianp (0.6.3)
      thor (~> 0.15)
    locale (2.1.3)
    metaclass (0.0.4)
    minitar (0.9)
    mocha (1.2.1)
      metaclass (~> 0.0.1)
    multi_json (1.15.0)
    multipart-post (2.1.1)
    parser (2.4.0.0)
      ast (~> 2.2)
    powerpack (0.1.1)
    puppet (6.13.0)
      concurrent-ruby (~> 1.0)
      deep_merge (~> 1.0)
      facter (> 2.0.1, < 5)
      fast_gettext (~> 1.1)
      hiera (>= 3.2.1, < 4)
      httpclient (~> 2.8)
      locale (~> 2.1)
      multi_json (~> 1.10)
      puppet-resource_api (~> 1.5)
      semantic_puppet (~> 1.0)
    puppet-lint (2.2.1)
    puppet-lint-absolute_template_path (1.0.1)
      puppet-lint (>= 1.1, < 3.0)
    puppet-lint-legacy_facts-check (0.0.3)
      puppet-lint (~> 2.0)
    puppet-lint-strict_indent-check (2.0.5)
      puppet-lint (> 1.0)
    puppet-lint-top_scope_facts-check (0.0.1)
      puppet-lint (~> 2.0)
    puppet-lint-unquoted_string-check (0.3.0)
      puppet-lint (>= 1.0, < 3.0)
    puppet-lint-variable_contains_upcase (1.2.0)
      puppet-lint (>= 1.0, < 3.0)
    puppet-resource_api (1.8.13)
      hocon (>= 1.0)
    puppet-syntax (2.4.0)
      rake
    puppet_forge (2.3.4)
      faraday (>= 0.9.0, < 0.18.0, != 0.13.1)
      faraday_middleware (>= 0.9.0, < 0.15.0)
      gettext-setup (~> 0.11)
      minitar
      semantic_puppet (~> 1.0)
    puppetlabs_spec_helper (2.1.2)
      mocha (~> 1.0)
      puppet-lint (~> 2.0)
      puppet-syntax (~> 2.0)
      rspec-puppet (~> 2.0)
    rainbow (2.2.2)
      rake
    rake (13.0.1)
    rspec (3.6.0)
      rspec-core (~> 3.6.0)
      rspec-expectations (~> 3.6.0)
      rspec-mocks (~> 3.6.0)
    rspec-core (3.6.0)
      rspec-support (~> 3.6.0)
    rspec-expectations (3.6.0)
      diff-lcs (>= 1.2.0, < 2.0)
      rspec-support (~> 3.6.0)
    rspec-mocks (3.6.0)
      diff-lcs (>= 1.2.0, < 2.0)
      rspec-support (~> 3.6.0)
    rspec-puppet (2.5.0)
      rspec
    rspec-support (3.6.0)
    rsync (1.0.9)
    rubocop (0.48.1)
      parser (>= 2.3.3.1, < 3.0)
      powerpack (~> 0.1)
      rainbow (>= 1.99.1, < 3.0)
      ruby-progressbar (~> 1.7)
      unicode-display_width (~> 1.0, >= 1.0.1)
    ruby-progressbar (1.8.1)
    semantic_puppet (1.0.3)
    text (1.3.1)
    thor (0.19.4)
    unicode-display_width (1.2.1)

PLATFORMS
  ruby

DEPENDENCIES
  facter
  librarian-puppet
  puppet
  puppet-lint
  puppet-lint-absolute_template_path
  puppet-lint-legacy_facts-check
  puppet-lint-strict_indent-check
  puppet-lint-top_scope_facts-check
  puppet-lint-unquoted_string-check
  puppet-lint-variable_contains_upcase
  puppetlabs_spec_helper
  rspec-puppet
  rubocop

BUNDLED WITH
   1.15.0
